PATH
  remote: .
  specs:
    resque-tagged-queues (0.0.1)
      resque

GEM
  remote: http://rubygems.org/
  specs:
    columnize (0.3.2)
    json (1.4.6)
    linecache (0.43)
    rack (1.2.2)
    redis (2.1.1)
    redis-namespace (0.10.0)
      redis (< 3.0.0)
    resque (1.15.0)
      json (~> 1.4.6)
      redis-namespace (>= 0.10.0)
      sinatra (>= 0.9.2)
      vegas (~> 0.1.2)
    ruby-debug (0.10.4)
      columnize (>= 0.1)
      ruby-debug-base (~> 0.10.4.0)
    ruby-debug-base (0.10.4)
      linecache (>= 0.3)
    sinatra (1.2.1)
      rack (~> 1.1)
      tilt (>= 1.2.2, < 2.0)
    system_timer (1.0)
    test_declarative (0.0.5)
    tilt (1.2.2)
    vegas (0.1.8)
      rack (>= 1.0.0)

PLATFORMS
  ruby

DEPENDENCIES
  resque
  resque-tagged-queues!
  ruby-debug
  system_timer
  test_declarative
